GEM
  remote: http://rubygems.org/
  specs:
    json (1.8.1)
    mini_portile (0.6.1)
    nokogiri (1.6.5)
      mini_portile (~> 0.6.0)
    nokogiri (1.6.5-x64-mingw32)
      mini_portile (~> 0.6.0)
    sqlite3 (1.3.10)
    sqlite3 (1.3.10-x64-mingw32)

PLATFORMS
  ruby
  x64-mingw32

DEPENDENCIES
  json
  nokogiri
  sqlite3
